PATH
  remote: .
  specs:
    bin_checker_rb (0.1.0)
      faraday (~> 1.0, >= 1.0.1)

GEM
  remote: https://rubygems.org/
  specs:
    faraday (1.0.1)
      multipart-post (>= 1.2, < 3)
    minitest (5.14.1)
    multipart-post (2.1.1)
    rake (12.3.3)

PLATFORMS
  ruby

DEPENDENCIES
  bin_checker_rb!
  minitest (~> 5.0)
  rake (~> 12.0)

BUNDLED WITH
   2.1.4
